GEM
  remote: https://rubygems.org/
  specs:
    concurrent-ruby (1.1.3)
    faker (1.9.1)
      i18n (>= 0.7)
    i18n (1.1.1)
      concurrent-ruby (~> 1.0)
    minitest (5.11.3)

PLATFORMS
  ruby

DEPENDENCIES
  faker
  minitest

BUNDLED WITH
   1.17.1
